GEM
  remote: https://rubygems.org/
  specs:
    activemodel (3.2.18)
      activesupport (= 3.2.18)
      builder (~> 3.0.0)
    activesupport (3.2.18)
      i18n (~> 0.6, >= 0.6.4)
      multi_json (~> 1.0)
    armor (0.0.3)
    builder (3.0.4)
    cuba (3.1.1)
      rack
    dotenv (0.10.0)
    dotjs_sprockets (0.1.0)
      execjs (~> 2)
      sprockets (~> 2)
    execjs (2.2.1)
    ffi (1.9.3-java)
    hike (1.2.3)
    i18n (0.6.9)
    jubilee (2.0.0-java)
      rack (>= 1.4.1)
      spoon (~> 0.0.4)
    mongoid (3.1.6)
      activemodel (~> 3.2)
      moped (~> 1.4)
      origin (~> 1.0)
      tzinfo (~> 0.3.29)
    mongoid-tags-arent-hard (1.1.5)
      mongoid (>= 3.0.0)
    moped (1.5.2)
    multi_json (1.10.1)
    origin (1.1.0)
    rack (1.5.2)
    rack-protection (1.5.3)
      rack
    rack_csrf (2.4.0)
      rack (>= 0.9)
    rake (10.1.0)
    sass (3.2.19)
    shield (2.1.0)
      armor
    simplecov (0.7.1)
      multi_json (~> 1.0)
      simplecov-html (~> 0.7.1)
    simplecov-html (0.7.1)
    spoon (0.0.4)
      ffi
    sprockets (2.11.0)
      hike (~> 1.2)
      multi_json (~> 1.0)
      rack (~> 1.0)
      tilt (~> 1.1, != 1.3.0)
    tilt (1.4.1)
    tzinfo (0.3.39)

PLATFORMS
  java
  ruby

DEPENDENCIES
  cuba (~> 3.1.1)
  dotenv (~> 0.10.0)
  dotjs_sprockets (~> 0.1)
  jubilee (~> 2.0.0.pre.java)
  mongoid (~> 3.1.6)
  mongoid-tags-arent-hard (~> 1.1.5)
  rack-protection (~> 1.5.2)
  rack_csrf (~> 2.4.0)
  rake
  sass (~> 3.2.19)
  shield (~> 2.1.0)
  simplecov (~> 0.7.1)
  sprockets (~> 2.11.0)
